GIT
  remote: git://github.com/hone/indextank-rb.git
  revision: 61c217938b9c96f69ba0d992f80421aa0f4d5383
  ref: 61c217938b9c96f69ba0
  specs:
    indextank (0.0.1)
      faraday
      yajl-ruby (= 0.7.7)

GIT
  remote: git://github.com/technoweenie/faraday
  revision: 3aa840d012875ee80410e2e627f23fba3d508fa9
  ref: 3aa840d012875ee80410
  specs:
    faraday (0.4.6)
      addressable (>= 2.1.1)
      rack (>= 1.0.1)

GEM
  remote: https://rubygems.org/
  specs:
    addressable (2.3.4)
    coderay (0.9.8)
    daemons (1.1.9)
    eventmachine (1.0.3)
    haml (4.0.2)
      tilt
    heroku-nav (0.2.2)
    json (1.7.7)
    mime-types (1.23)
    newrelic_rpm (3.6.1.88)
    nokogiri (1.5.9)
    nokogirl (1.0)
      nokogiri
    rack (1.5.2)
    rack-codehighlighter (0.5.0)
      nokogiri (>= 1.4.1)
      rack (>= 1.0.0)
    rack-protection (1.5.0)
      rack
    rake (10.0.4)
    rdiscount (1.6.8)
    rest-client (1.6.7)
      mime-types (>= 1.16)
    sass (3.2.8)
    shotgun (0.9)
      rack (>= 1.0)
    sinatra (1.4.2)
      rack (~> 1.5, >= 1.5.2)
      rack-protection (~> 1.4)
      tilt (~> 1.3, >= 1.3.4)
    thin (1.5.1)
      daemons (>= 1.0.9)
      eventmachine (>= 0.12.6)
      rack (>= 1.0.0)
    tilt (1.4.1)
    yajl-ruby (0.7.7)

PLATFORMS
  ruby

DEPENDENCIES
  coderay (= 0.9.8)
  faraday!
  haml
  heroku-nav
  indextank!
  json
  newrelic_rpm
  nokogirl
  rack
  rack-codehighlighter
  rake
  rdiscount (= 1.6.8)
  rest-client
  sass
  shotgun
  sinatra
  thin
